FRAMEWORK: >= NET452
NUGET
  remote: https://api.nuget.org/v3/index.json
    CommonServiceLocator (1.3)
    Costura.Fody (1.3.3)
      Fody (>= 1.26.1)
    Fody (1.29.4)
    GitVersionTask (3.6.5)
    ini-parser (2.3)
    MahApps.Metro (1.1.2)
    MvvmLightLibs (5.3)
      CommonServiceLocator (>= 1.3)
    Newtonsoft.Json (6.0.8)
    Ookii.Dialogs (1.0)
    SimpleInjector (3.3.2)
  remote: paket-files/github.com/andburn/hdt-plugin-common/Common.NuPkg
    HDT.Plugins.Common (0.1.0.0)
      ini-parser (>= 2.3)
GIT
  remote: https://github.com/andburn/hdt-plugin-common.git
     (1e0978cc15b76f24aafb64374c98f637fba56527)
      path: /Common.NuPkg/
GROUP Test
STRATEGY: MIN
NUGET
  remote: https://api.nuget.org/v3/index.json
    Castle.Core (3.3.3) - framework: >= net45
    coveralls.io (1.3.4)
    Moq (4.5.30)
      Castle.Core (>= 3.3.3) - framework: >= net45
    NUnit (3.5)
    NUnit.ConsoleRunner (3.5)
